GIT
  remote: https://github.com/wildtangent/blankslate.git
  revision: 3454561f10740c8ade89914133e9c56d6a51172c
  specs:
    blankslate (2.1.2.4)

GEM
  remote: https://rubygems.org/
  specs:
    diff-lcs (1.1.2)
    nokogiri (1.5.0)
    rake (0.9.2)
    rspec (2.6.0)
      rspec-core (~> 2.6.0)
      rspec-expectations (~> 2.6.0)
      rspec-mocks (~> 2.6.0)
    rspec-core (2.6.4)
    rspec-expectations (2.6.0)
      diff-lcs (~> 1.1.2)
    rspec-mocks (2.6.0)

PLATFORMS
  ruby

DEPENDENCIES
  blankslate!
  nokogiri (= 1.5.0)
  rake
  rspec
